NUGET
  remote: https://www.nuget.org/api/v2
  specs:
    Ferop (1.0.0-beta90001) - framework: >= net45
    NuGet.CommandLine (2.8.6)
    Rx-Core (2.2.5)
      Rx-Interfaces (>= 2.2.5)
    Rx-Interfaces (2.2.5)
    Rx-Linq (2.2.5)
      Rx-Core (>= 2.2.5)
      Rx-Interfaces (>= 2.2.5)
    System.Numerics.Vectors (4.0.0)
